GEM
  remote: https://rubygems.org/
  specs:
    Ascii85 (1.1.0)
    actioncable (6.0.5.1)
      actionpack (= 6.0.5.1)
      nio4r (~> 2.0)
      websocket-driver (>= 0.6.1)
    actionmailbox (6.0.5.1)
      actionpack (= 6.0.5.1)
      activejob (= 6.0.5.1)
      activerecord (= 6.0.5.1)
      activestorage (= 6.0.5.1)
      activesupport (= 6.0.5.1)
      mail (>= 2.7.1)
    actionmailer (6.0.5.1)
      actionpack (= 6.0.5.1)
      actionview (= 6.0.5.1)
      activejob (= 6.0.5.1)
      mail (~> 2.5, >= 2.5.4)
      rails-dom-testing (~> 2.0)
    actionpack (6.0.5.1)
      actionview (= 6.0.5.1)
      activesupport (= 6.0.5.1)
      rack (~> 2.0, >= 2.0.8)
      rack-test (>= 0.6.3)
      rails-dom-testing (~> 2.0)
      rails-html-sanitizer (~> 1.0, >= 1.2.0)
    actionpack-page_caching (1.2.4)
      actionpack (>= 4.0.0)
    actiontext (6.0.5.1)
      actionpack (= 6.0.5.1)
      activerecord (= 6.0.5.1)
      activestorage (= 6.0.5.1)
      activesupport (= 6.0.5.1)
      nokogiri (>= 1.8.5)
    actionview (6.0.5.1)
      activesupport (= 6.0.5.1)
      builder (~> 3.1)
      erubi (~> 1.4)
      rails-dom-testing (~> 2.0)
      rails-html-sanitizer (~> 1.1, >= 1.2.0)
    activejob (6.0.5.1)
      activesupport (= 6.0.5.1)
      globalid (>= 0.3.6)
    activemodel (6.0.5.1)
      activesupport (= 6.0.5.1)
    activerecord (6.0.5.1)
      activemodel (= 6.0.5.1)
      activesupport (= 6.0.5.1)
    activerecord-typedstore (1.4.0)
      activerecord (>= 5.2)
    activestorage (6.0.5.1)
      actionpack (= 6.0.5.1)
      activejob (= 6.0.5.1)
      activerecord (= 6.0.5.1)
      marcel (~> 1.0)
    activesupport (6.0.5.1)
      concurrent-ruby (~> 1.0, >= 1.0.2)
      i18n (>= 0.7, < 2)
      minitest (~> 5.1)
      tzinfo (~> 1.1)
      zeitwerk (~> 2.2, >= 2.2.2)
    addressable (2.8.1)
      public_suffix (>= 2.0.2, < 6.0)
    afm (0.2.2)
    ast (2.4.2)
    bcrypt (3.1.16)
    bugsnag (6.20.0)
      concurrent-ruby (~> 1.0)
    builder (3.2.4)
    byebug (11.1.3)
    capybara (3.37.1)
      addressable
      matrix
      mini_mime (>= 0.1.3)
      nokogiri (~> 1.8)
      rack (>= 1.6.0)
      rack-test (>= 0.6.3)
      regexp_parser (>= 1.5, < 3.0)
      xpath (~> 3.2)
    chunky_png (1.4.0)
    coderay (1.1.3)
    commonmarker (0.23.6)
    concurrent-ruby (1.1.10)
    crack (0.4.5)
      rexml
    crass (1.0.6)
    database_cleaner (2.0.1)
      database_cleaner-active_record (~> 2.0.0)
    database_cleaner-active_record (2.0.1)
      activerecord (>= 5.a)
      database_cleaner-core (~> 2.0.0)
    database_cleaner-core (2.0.1)
    diff-lcs (1.5.0)
    docile (1.3.5)
    dotenv (2.8.1)
    dotenv-rails (2.8.1)
      dotenv (= 2.8.1)
      railties (>= 3.2)
    erubi (1.11.0)
    exception_notification (4.5.0)
      actionmailer (>= 5.2, < 8)
      activesupport (>= 5.2, < 8)
    execjs (2.7.0)
    factory_bot (6.2.1)
      activesupport (>= 5.0.0)
    factory_bot_rails (6.2.0)
      factory_bot (~> 6.2.0)
      railties (>= 5.0.0)
    faker (2.17.0)
      i18n (>= 1.6, < 2)
    ffi (1.15.0)
    flamegraph (0.9.5)
    font-awesome-rails (4.7.0.8)
      railties (>= 3.2, < 8.0)
    globalid (1.0.0)
      activesupport (>= 5.0)
    good_migrations (0.2.1)
      activerecord (>= 3.1)
      railties (>= 3.1)
    hashdiff (1.0.1)
    hashery (2.1.2)
    htmlentities (4.3.4)
    http-accept (2.1.1)
    i18n (1.12.0)
      concurrent-ruby (~> 1.0)
    jaro_winkler (1.5.4)
    jquery-rails (4.5.0)
      rails-dom-testing (>= 1, < 3)
      railties (>= 4.2.0)
      thor (>= 0.14, < 2.0)
    json (2.5.1)
    listen (3.5.1)
      rb-fsevent (~> 0.10, >= 0.10.3)
      rb-inotify (~> 0.9, >= 0.9.10)
    loofah (2.19.0)
      crass (~> 1.0.2)
      nokogiri (>= 1.5.9)
    mail (2.7.1)
      mini_mime (>= 0.1.1)
    marcel (1.0.2)
    matrix (0.4.2)
    memory_profiler (1.0.0)
    method_source (1.0.0)
    mini_mime (1.1.2)
    mini_portile2 (2.8.0)
    minitest (5.16.3)
    mysql2 (0.5.4)
    nio4r (2.5.8)
    nokogiri (1.13.8)
      mini_portile2 (~> 2.8.0)
      racc (~> 1.4)
    oauth (0.5.6)
    parallel (1.22.1)
    parser (3.1.2.1)
      ast (~> 2.4.1)
    pdf-reader (2.4.2)
      Ascii85 (~> 1.0)
      afm (~> 0.2.1)
      hashery (~> 2.0)
      ruby-rc4
      ttfunk
    pry (0.14.1)
      coderay (~> 1.1)
      method_source (~> 1.0)
    pry-rails (0.3.9)
      pry (>= 0.10.4)
    public_suffix (5.0.0)
    puma (5.6.5)
      nio4r (~> 2.0)
    racc (1.6.0)
    rack (2.2.4)
    rack-cors (1.1.1)
      rack (>= 2.0.0)
    rack-mini-profiler (3.0.0)
      rack (>= 1.2.0)
    rack-test (2.0.2)
      rack (>= 1.3)
    rails (6.0.5.1)
      actioncable (= 6.0.5.1)
      actionmailbox (= 6.0.5.1)
      actionmailer (= 6.0.5.1)
      actionpack (= 6.0.5.1)
      actiontext (= 6.0.5.1)
      actionview (= 6.0.5.1)
      activejob (= 6.0.5.1)
      activemodel (= 6.0.5.1)
      activerecord (= 6.0.5.1)
      activestorage (= 6.0.5.1)
      activesupport (= 6.0.5.1)
      bundler (>= 1.3.0)
      railties (= 6.0.5.1)
      sprockets-rails (>= 2.0.0)
    rails-dom-testing (2.0.3)
      activesupport (>= 4.2.0)
      nokogiri (>= 1.6)
    rails-html-sanitizer (1.4.3)
      loofah (~> 2.3)
    railties (6.0.5.1)
      actionpack (= 6.0.5.1)
      activesupport (= 6.0.5.1)
      method_source
      rake (>= 0.8.7)
      thor (>= 0.20.3, < 2.0)
    rainbow (3.1.1)
    rake (13.0.6)
    rb-fsevent (0.10.4)
    rb-inotify (0.10.1)
      ffi (~> 1.0)
    rb-readline (0.5.5)
    regexp_parser (2.5.0)
    rexml (3.2.5)
    rotp (6.2.0)
    rqrcode (1.2.0)
      chunky_png (~> 1.0)
      rqrcode_core (~> 0.2)
    rqrcode_core (0.2.0)
    rspec-core (3.11.0)
      rspec-support (~> 3.11.0)
    rspec-expectations (3.11.1)
      diff-lcs (>= 1.2.0, < 2.0)
      rspec-support (~> 3.11.0)
    rspec-mocks (3.11.1)
      diff-lcs (>= 1.2.0, < 2.0)
      rspec-support (~> 3.11.0)
    rspec-rails (5.1.2)
      actionpack (>= 5.2)
      activesupport (>= 5.2)
      railties (>= 5.2)
      rspec-core (~> 3.10)
      rspec-expectations (~> 3.10)
      rspec-mocks (~> 3.10)
      rspec-support (~> 3.10)
    rspec-support (3.11.1)
    rubocop (0.81.0)
      jaro_winkler (~> 1.5.1)
      parallel (~> 1.10)
      parser (>= 2.7.0.1)
      rainbow (>= 2.2.2, < 4.0)
      rexml
      ruby-progressbar (~> 1.7)
      unicode-display_width (>= 1.4.0, < 2.0)
    rubocop-rails (2.5.2)
      activesupport
      rack (>= 1.1)
      rubocop (>= 0.72.0)
    rubocop-rspec (1.41.0)
      rubocop (>= 0.68.1)
    ruby-progressbar (1.11.0)
    ruby-rc4 (0.1.5)
    ruumba (0.1.17)
      rubocop
    scenic (1.6.0)
      activerecord (>= 4.0.0)
      railties (>= 4.0.0)
    scenic-mysql_adapter (1.0.1)
      mysql2
      scenic (>= 1.4.0)
    simplecov (0.21.2)
      docile (~> 1.1)
      simplecov-html (~> 0.11)
      simplecov_json_formatter (~> 0.1)
    simplecov-html (0.12.3)
    simplecov_json_formatter (0.1.2)
    sitemap_generator (6.1.2)
      builder (~> 3.0)
    sprockets (3.7.2)
      concurrent-ruby (~> 1.0)
      rack (> 1, < 3)
    sprockets-rails (2.3.3)
      actionpack (>= 3.0)
      activesupport (>= 3.0)
      sprockets (>= 2.8, < 4.0)
    stackprof (0.2.16)
    svg-graph (2.2.1)
    thor (1.2.1)
    thread_safe (0.3.6)
    transaction_isolation (1.0.5)
      activerecord (>= 3.0.11)
    transaction_retry (1.0.3)
      activerecord (>= 3.0.11)
      transaction_isolation (>= 1.0.2)
    ttfunk (1.7.0)
    tzinfo (1.2.10)
      thread_safe (~> 0.1)
    uglifier (4.2.0)
      execjs (>= 0.3.0, < 3)
    unicode-display_width (1.8.0)
    vcr (6.0.0)
    webmock (3.18.1)
      addressable (>= 2.8.0)
      crack (>= 0.3.2)
      hashdiff (>= 0.4.0, < 2.0.0)
    websocket-driver (0.7.5)
      websocket-extensions (>= 0.1.0)
    websocket-extensions (0.1.5)
    xpath (3.2.0)
      nokogiri (~> 1.8)
    zeitwerk (2.6.0)

PLATFORMS
  ruby

DEPENDENCIES
  actionpack-page_caching (>= 1.2.3)
  activerecord-typedstore
  bcrypt (~> 3.1.2)
  bugsnag (~> 6.20)
  byebug
  capybara
  commonmarker (~> 0.23, >= 0.23.4)
  database_cleaner
  dotenv-rails (>= 2.7.6)
  exception_notification (>= 4.4.3)
  factory_bot_rails (>= 6.1.0)
  faker
  flamegraph
  font-awesome-rails
  good_migrations (>= 0.0.2)
  htmlentities
  http-accept
  jquery-rails (~> 4.4, >= 4.4.0)
  json
  listen
  mail
  memory_profiler
  mysql2
  nokogiri (>= 1.13.6)
  oauth
  pdf-reader
  pry-rails
  puma (>= 5.6.4)
  rack-cors
  rack-mini-profiler
  rails (~> 6.0.5.1)
  rb-readline
  rotp
  rqrcode
  rspec-rails (>= 5.0.1)
  rubocop (= 0.81)
  rubocop-rails
  rubocop-rspec
  ruumba
  scenic (>= 1.5.4)
  scenic-mysql_adapter (>= 1.0.1)
  simplecov
  sitemap_generator
  sprockets-rails (= 2.3.3)
  stackprof
  svg-graph
  transaction_retry
  uglifier (>= 1.3.0)
  vcr
  webmock

BUNDLED WITH
   2.1.4
